GIT
  remote: https://github.com/trickstersio/rucksack.git
  revision: bba120216efad1a5c75501426fa4136bf9d6e9ee
  specs:
    rucksack (0.1.0)
      rack (>= 2.1.4)
      sinatra (~> 2.0)
      zeitwerk (~> 2.2)

GEM
  remote: https://rubygems.org/
  specs:
    activemodel (6.0.3.1)
      activesupport (= 6.0.3.1)
    activerecord (6.0.3.1)
      activemodel (= 6.0.3.1)
      activesupport (= 6.0.3.1)
    activesupport (6.0.3.1)
      concurrent-ruby (~> 1.0, >= 1.0.2)
      i18n (>= 0.7, < 2)
      minitest (~> 5.1)
      tzinfo (~> 1.1)
      zeitwerk (~> 2.2, >= 2.2.2)
    addressable (2.7.0)
      public_suffix (>= 2.0.2, < 5.0)
    ast (2.4.0)
    bcrypt (3.1.13)
    byebug (11.0.1)
    clockwork (2.0.4)
      activesupport
      tzinfo
    concurrent-ruby (1.1.6)
    connection_pool (2.2.2)
    crack (0.4.3)
      safe_yaml (~> 1.0.0)
    database_cleaner (1.7.0)
    diff-lcs (1.3)
    dotenv (2.7.5)
    dry-configurable (0.11.5)
      concurrent-ruby (~> 1.0)
      dry-core (~> 0.4, >= 0.4.7)
      dry-equalizer (~> 0.2)
    dry-container (0.7.2)
      concurrent-ruby (~> 1.0)
      dry-configurable (~> 0.1, >= 0.1.3)
    dry-core (0.4.9)
      concurrent-ruby (~> 1.0)
    dry-equalizer (0.3.0)
    dry-inflector (0.2.0)
    dry-initializer (3.0.3)
    dry-logic (1.0.6)
      concurrent-ruby (~> 1.0)
      dry-core (~> 0.2)
      dry-equalizer (~> 0.2)
    dry-schema (1.5.0)
      concurrent-ruby (~> 1.0)
      dry-configurable (~> 0.8, >= 0.8.3)
      dry-core (~> 0.4)
      dry-equalizer (~> 0.2)
      dry-initializer (~> 3.0)
      dry-logic (~> 1.0)
      dry-types (~> 1.4)
    dry-types (1.4.0)
      concurrent-ruby (~> 1.0)
      dry-container (~> 0.3)
      dry-core (~> 0.4, >= 0.4.4)
      dry-equalizer (~> 0.3)
      dry-inflector (~> 0.1, >= 0.1.2)
      dry-logic (~> 1.0, >= 1.0.2)
    factory_bot (5.1.1)
      activesupport (>= 4.2.0)
    faktory_worker_ruby (0.8.1)
      connection_pool (~> 2.2, >= 2.2.1)
    ffaker (2.13.0)
    hashdiff (1.0.0)
    i18n (1.8.2)
      concurrent-ruby (~> 1.0)
    jaro_winkler (1.5.4)
    jwt (2.2.1)
    minitest (5.14.1)
    mustermann (1.1.1)
      ruby2_keywords (~> 0.0.1)
    nio4r (2.5.2)
    parallel (1.19.1)
    parser (2.6.5.0)
      ast (~> 2.4.0)
    performify (1.0.1)
      activerecord (>= 4.0)
      dry-schema (~> 1.5)
    pg (1.2.0)
    public_suffix (4.0.1)
    puma (4.3.3)
      nio4r (~> 2.0)
    rack (2.2.3)
    rack-cors (1.1.0)
      rack (>= 2.0.0)
    rack-protection (2.1.0)
      rack
    rack-test (1.1.0)
      rack (>= 1.0, < 3)
    rainbow (3.0.0)
    rake (12.3.3)
    rspec (3.9.0)
      rspec-core (~> 3.9.0)
      rspec-expectations (~> 3.9.0)
      rspec-mocks (~> 3.9.0)
    rspec-core (3.9.0)
      rspec-support (~> 3.9.0)
    rspec-expectations (3.9.0)
      diff-lcs (>= 1.2.0, < 2.0)
      rspec-support (~> 3.9.0)
    rspec-mocks (3.9.0)
      diff-lcs (>= 1.2.0, < 2.0)
      rspec-support (~> 3.9.0)
    rspec-support (3.9.0)
    rubocop (0.78.0)
      jaro_winkler (~> 1.5.1)
      parallel (~> 1.10)
      parser (>= 2.6)
      rainbow (>= 2.2.2, < 4.0)
      ruby-progressbar (~> 1.7)
      unicode-display_width (>= 1.4.0, < 1.7)
    ruby-progressbar (1.10.1)
    ruby2_keywords (0.0.2)
    safe_yaml (1.0.5)
    sinatra (2.1.0)
      mustermann (~> 1.0)
      rack (~> 2.2)
      rack-protection (= 2.1.0)
      tilt (~> 2.0)
    thread_safe (0.3.6)
    tilt (2.0.10)
    tzinfo (1.2.7)
      thread_safe (~> 0.1)
    tzinfo-data (1.2019.3)
      tzinfo (>= 1.0.0)
    unicode-display_width (1.6.0)
    webmock (3.7.6)
      addressable (>= 2.3.6)
      crack (>= 0.3.2)
      hashdiff (>= 0.4.0, < 2.0.0)
    zeitwerk (2.4.2)

PLATFORMS
  ruby

DEPENDENCIES
  activerecord (~> 6.0.3)
  activesupport (~> 6.0.3)
  bcrypt
  byebug
  clockwork
  database_cleaner
  dotenv
  factory_bot
  faktory_worker_ruby
  ffaker
  jwt
  performify (~> 1.0.1)
  pg
  puma
  rack-cors
  rack-test
  rake (~> 12.3.2)
  rspec
  rubocop
  rucksack!
  tzinfo-data
  webmock
  zeitwerk

RUBY VERSION
   ruby 2.7.1p83

BUNDLED WITH
   2.1.4
